GEM
  specs:
    diff-lcs (1.2.4)
    metaclass (0.0.1)
    mocha (0.12.7)
      metaclass (~> 0.0.1)
    puppetlabs_spec_helper (0.3.0)
      mocha (>= 0.10.5)
      rake
      rspec (>= 2.9.0)
      rspec-puppet (>= 0.1.1)
    rake (10.1.0)
    rspec (2.13.0)
      rspec-core (~> 2.13.0)
      rspec-expectations (~> 2.13.0)
      rspec-mocks (~> 2.13.0)
    rspec-core (2.13.1)
    rspec-expectations (2.13.0)
      diff-lcs (>= 1.1.3, < 2.0)
    rspec-mocks (2.13.1)
    rspec-puppet (0.1.5)
      rspec

PLATFORMS
  ruby

DEPENDENCIES
  puppetlabs_spec_helper
  rspec-puppet
